GEM
  remote: http://rubygems.org/
  specs:
    addressable (2.7.0)
      public_suffix (>= 2.0.2, < 5.0)
    ast (2.4.0)
    byebug (11.0.1)
    jaro_winkler (1.5.3)
    json-schema (2.8.1)
      addressable (>= 2.4)
    murmurhash3 (0.1.6)
    parallel (1.17.0)
    parser (2.6.4.1)
      ast (~> 2.4.0)
    public_suffix (4.0.1)
    rainbow (3.0.0)
    rubocop (0.74.0)
      jaro_winkler (~> 1.5.1)
      parallel (~> 1.10)
      parser (>= 2.6)
      rainbow (>= 2.2.2, < 4.0)
      ruby-progressbar (~> 1.7)
      unicode-display_width (>= 1.4.0, < 1.7)
    ruby-progressbar (1.10.1)
    unicode-display_width (1.6.0)

PLATFORMS
  ruby

DEPENDENCIES
  byebug (~> 11.0.1)
  json-schema (~> 2.8.1)
  murmurhash3 (~> 0.1.6)
  rubocop (~> 0.74.0)

BUNDLED WITH
   2.0.1
